GEM
  remote: https://rubygems.org/
  specs:
    bundler-organization_audit (0.1.3)
      json
    json (2.0.3)

PLATFORMS
  ruby

DEPENDENCIES
  bundler-organization_audit (= 0.1.3)

BUNDLED WITH
   1.14.6
