GEM
  remote: https://rubygems.org/
  specs:
    bundler-organization_audit (0.1.3)
      json
    json (1.8.1)

PLATFORMS
  ruby

DEPENDENCIES
  bundler-organization_audit
